GIT
  remote: https://github.com/gabbo9lli/spree.git
  revision: 1491179cc20c7391d15059194b7135275890bb76
  branch: retebio_43
  specs:
    spree (4.3.1)
      spree_api (= 4.3.1)
      spree_cli (= 4.3.1)
      spree_core (= 4.3.1)
    spree_api (4.3.1)
      doorkeeper (~> 5.2, >= 5.2.1)
      jsonapi-serializer (~> 2.1)
      rabl (~> 0.14, >= 0.14.2)
      responders
      spree_core (= 4.3.1)
    spree_backend (4.3.1)
      babel-transpiler (~> 0.7)
      bootstrap (~> 4.0)
      flatpickr (~> 4.6)
      glyphicons (~> 1.0)
      inline_svg (~> 1.5)
      jquery-rails (~> 4.3)
      jquery-ui-rails (~> 6.0)
      responders
      sass-rails (>= 5)
      select2-rails (~> 4.0)
      spree_api (>= 4.3.1)
      spree_core (>= 4.3.1)
      sprockets (~> 4.0)
      tinymce-rails
    spree_cli (4.3.1)
      thor (~> 1.0)
    spree_core (4.3.1)
      actionpack (>= 5.2)
      actionview (>= 5.2)
      active_storage_validations (~> 0.9)
      activejob (>= 5.2)
      activemerchant (~> 1.67)
      activemodel (>= 5.2)
      activerecord (>= 5.2)
      activestorage (>= 5.2)
      activesupport (>= 5.2)
      acts_as_list (>= 0.8)
      auto_strip_attributes (~> 2.6)
      awesome_nested_set (~> 3.3, >= 3.3.1)
      cancancan (~> 3.2)
      carmen (>= 1.0)
      friendly_id (~> 5.2, >= 5.2.1)
      highline (~> 2.0)
      image_processing (~> 1.2)
      kaminari (~> 1.2)
      mini_magick (~> 4.9, >= 4.9.4)
      monetize (~> 1.9)
      money (~> 6.13)
      paranoia (~> 2.4)
      railties (>= 5.2)
      ransack (~> 2.3)
      rexml
      state_machines-activemodel (~> 0.7)
      state_machines-activerecord (~> 0.6)
      stringex
      validates_zipcode
    spree_emails (4.3.1)
      actionmailer
      spree_core (>= 4.3.1)
      sprockets (>= 4.0)
    spree_frontend (4.3.1)
      babel-transpiler (~> 0.7)
      bootstrap (~> 4.0)
      canonical-rails (~> 0.2, >= 0.2.10)
      glyphicons (~> 1.0)
      inline_svg (~> 1.5)
      jquery-rails (~> 4.3)
      responders
      sass-rails (>= 5)
      spree_api (>= 4.3.1)
      spree_core (>= 4.3.1)
      sprockets (~> 4.0)
      turbolinks (~> 5.2)
    spree_sample (4.3.1)
      ffaker (~> 2.9)
      spree_core (>= 4.3.1)

GIT
  remote: https://github.com/sass/sassc-ruby.git
  revision: 4fce2b635ca5d616a8b1381c64846410bc785ea4
  specs:
    sassc (2.4.0)
      ffi (~> 1.9)

GEM
  remote: https://rubygems.org/
  specs:
    actioncable (6.1.7.6)
      actionpack (= 6.1.7.6)
      activesupport (= 6.1.7.6)
      nio4r (~> 2.0)
      websocket-driver (>= 0.6.1)
    actionmailbox (6.1.7.6)
      actionpack (= 6.1.7.6)
      activejob (= 6.1.7.6)
      activerecord (= 6.1.7.6)
      activestorage (= 6.1.7.6)
      activesupport (= 6.1.7.6)
      mail (>= 2.7.1)
    actionmailer (6.1.7.6)
      actionpack (= 6.1.7.6)
      actionview (= 6.1.7.6)
      activejob (= 6.1.7.6)
      activesupport (= 6.1.7.6)
      mail (~> 2.5, >= 2.5.4)
      rails-dom-testing (~> 2.0)
    actionpack (6.1.7.6)
      actionview (= 6.1.7.6)
      activesupport (= 6.1.7.6)
      rack (~> 2.0, >= 2.0.9)
      rack-test (>= 0.6.3)
      rails-dom-testing (~> 2.0)
      rails-html-sanitizer (~> 1.0, >= 1.2.0)
    actiontext (6.1.7.6)
      actionpack (= 6.1.7.6)
      activerecord (= 6.1.7.6)
      activestorage (= 6.1.7.6)
      activesupport (= 6.1.7.6)
      nokogiri (>= 1.8.5)
    actionview (6.1.7.6)
      activesupport (= 6.1.7.6)
      builder (~> 3.1)
      erubi (~> 1.4)
      rails-dom-testing (~> 2.0)
      rails-html-sanitizer (~> 1.1, >= 1.2.0)
    active_storage_validations (0.9.8)
      activejob (>= 5.2.0)
      activemodel (>= 5.2.0)
      activestorage (>= 5.2.0)
      activesupport (>= 5.2.0)
    activejob (6.1.7.6)
      activesupport (= 6.1.7.6)
      globalid (>= 0.3.6)
    activemerchant (1.133.0)
      activesupport (>= 4.2)
      builder (>= 2.1.2, < 4.0.0)
      i18n (>= 0.6.9)
      nokogiri (~> 1.4)
      rexml (~> 3.2.5)
    activemodel (6.1.7.6)
      activesupport (= 6.1.7.6)
    activerecord (6.1.7.6)
      activemodel (= 6.1.7.6)
      activesupport (= 6.1.7.6)
    activestorage (6.1.7.6)
      actionpack (= 6.1.7.6)
      activejob (= 6.1.7.6)
      activerecord (= 6.1.7.6)
      activesupport (= 6.1.7.6)
      marcel (~> 1.0)
      mini_mime (>= 1.1.0)
    activesupport (6.1.7.6)
      concurrent-ruby (~> 1.0, >= 1.0.2)
      i18n (>= 1.6, < 2)
      minitest (>= 5.1)
      tzinfo (~> 2.0)
      zeitwerk (~> 2.3)
    acts_as_list (1.1.0)
      activerecord (>= 4.2)
    addressable (2.8.5)
      public_suffix (>= 2.0.2, < 6.0)
    appraisal (2.5.0)
      bundler
      rake
      thor (>= 0.14.0)
    ast (2.4.2)
    async (1.31.0)
      console (~> 1.10)
      nio4r (~> 2.3)
      timers (~> 4.1)
    async-http (0.60.2)
      async (>= 1.25)
      async-io (>= 1.28)
      async-pool (>= 0.2)
      protocol-http (~> 0.24.0)
      protocol-http1 (~> 0.15.0)
      protocol-http2 (~> 0.15.0)
      traces (>= 0.10.0)
    async-http-faraday (0.12.0)
      async-http (~> 0.42)
      faraday
    async-io (1.36.0)
      async
    async-pool (0.4.0)
      async (>= 1.25)
    auto_strip_attributes (2.6.0)
      activerecord (>= 4.0)
    autoprefixer-rails (10.4.15.0)
      execjs (~> 2)
    awesome_nested_set (3.5.0)
      activerecord (>= 4.0.0, < 7.1)
    awesome_print (1.9.2)
    aws-eventstream (1.2.0)
    aws-partitions (1.828.0)
    aws-sdk-core (3.183.1)
      aws-eventstream (~> 1, >= 1.0.2)
      aws-partitions (~> 1, >= 1.651.0)
      aws-sigv4 (~> 1.5)
      jmespath (~> 1, >= 1.6.1)
    aws-sdk-kms (1.71.0)
      aws-sdk-core (~> 3, >= 3.177.0)
      aws-sigv4 (~> 1.1)
    aws-sdk-s3 (1.136.0)
      aws-sdk-core (~> 3, >= 3.181.0)
      aws-sdk-kms (~> 1)
      aws-sigv4 (~> 1.6)
    aws-sigv4 (1.6.0)
      aws-eventstream (~> 1, >= 1.0.2)
    babel-source (5.8.35)
    babel-transpiler (0.7.0)
      babel-source (>= 4.0, < 6)
      execjs (~> 2.0)
    base64 (0.1.1)
    bcrypt (3.1.19)
    bindex (0.8.1)
    bootstrap (4.6.2)
      autoprefixer-rails (>= 9.1.0)
      popper_js (>= 1.16.1, < 2)
      sassc-rails (>= 2.0.0)
    builder (3.2.4)
    bullet (7.0.7)
      activesupport (>= 3.0.0)
      uniform_notifier (~> 1.11)
    cancancan (3.5.0)
    canonical-rails (0.2.14)
      rails (>= 4.1, <= 7.1)
    capybara (3.39.2)
      addressable
      matrix
      mini_mime (>= 0.1.3)
      nokogiri (~> 1.8)
      rack (>= 1.6.0)
      rack-test (>= 0.6.3)
      regexp_parser (>= 1.5, < 3.0)
      xpath (~> 3.2)
    capybara-screenshot (1.0.26)
      capybara (>= 1.0, < 4)
      launchy
    capybara-select-2 (0.5.1)
    carmen (1.1.3)
      activesupport (>= 3.0.0)
    coderay (1.1.3)
    concurrent-ruby (1.2.2)
    connection_pool (2.4.1)
    console (1.16.2)
      fiber-local
    crass (1.0.6)
    database_cleaner (2.0.2)
      database_cleaner-active_record (>= 2, < 3)
    database_cleaner-active_record (2.1.0)
      activerecord (>= 5.a)
      database_cleaner-core (~> 2.0.0)
    database_cleaner-core (2.0.1)
    date (3.3.3)
    devise (4.9.2)
      bcrypt (~> 3.0)
      orm_adapter (~> 0.1)
      railties (>= 4.1.0)
      responders
      warden (~> 1.2.3)
    devise-encryptable (0.2.0)
      devise (>= 2.1.0)
    diff-lcs (1.5.0)
    docile (1.4.0)
    doorkeeper (5.6.6)
      railties (>= 5)
    erubi (1.12.0)
    execjs (2.9.1)
    factory_bot (4.11.1)
      activesupport (>= 3.0.0)
    faraday (2.7.11)
      base64
      faraday-net_http (>= 2.0, < 3.1)
      ruby2_keywords (>= 0.0.4)
    faraday-http-cache (2.5.0)
      faraday (>= 0.8)
    faraday-net_http (3.0.2)
    ffaker (2.21.0)
    ffi (1.16.2)
    fiber-local (1.0.0)
    flatpickr (4.6.13.0)
    font_assets (0.1.14)
      rack
    friendly_id (5.5.0)
      activerecord (>= 4.0.0)
    gem-release (2.2.2)
    github_changelog_generator (1.16.4)
      activesupport
      async (>= 1.25.0)
      async-http-faraday
      faraday-http-cache
      multi_json
      octokit (~> 4.6)
      rainbow (>= 2.2.1)
      rake (>= 10.0)
    globalid (1.2.1)
      activesupport (>= 6.1)
    glyphicons (1.0.2)
    highline (2.1.0)
    i18n (1.14.1)
      concurrent-ruby (~> 1.0)
    i18n_data (0.17.1)
      simple_po_parser (~> 1.1)
    image_processing (1.12.2)
      mini_magick (>= 4.9.5, < 5)
      ruby-vips (>= 2.0.17, < 3)
    inline_svg (1.9.0)
      activesupport (>= 3.0)
      nokogiri (>= 1.6)
    jbuilder (2.11.5)
      actionview (>= 5.0.0)
      activesupport (>= 5.0.0)
    jmespath (1.6.2)
    jquery-rails (4.6.0)
      rails-dom-testing (>= 1, < 3)
      railties (>= 4.2.0)
      thor (>= 0.14, < 2.0)
    jquery-ui-rails (6.0.1)
      railties (>= 3.2.16)
    json (2.6.3)
    jsonapi-rspec (0.0.11)
      rspec-core
      rspec-expectations
    jsonapi-serializer (2.2.0)
      activesupport (>= 4.2)
    kaminari (1.2.2)
      activesupport (>= 4.1.0)
      kaminari-actionview (= 1.2.2)
      kaminari-activerecord (= 1.2.2)
      kaminari-core (= 1.2.2)
    kaminari-actionview (1.2.2)
      actionview
      kaminari-core (= 1.2.2)
    kaminari-activerecord (1.2.2)
      activerecord
      kaminari-core (= 1.2.2)
    kaminari-core (1.2.2)
    kaminari-i18n (0.5.0)
      kaminari
      rails
    language_server-protocol (3.17.0.3)
    launchy (2.5.2)
      addressable (~> 2.8)
    listen (3.7.1)
      rb-fsevent (~> 0.10, >= 0.10.3)
      rb-inotify (~> 0.9, >= 0.9.10)
    loofah (2.21.3)
      crass (~> 1.0.2)
      nokogiri (>= 1.12.0)
    mail (2.8.1)
      mini_mime (>= 0.1.1)
      net-imap
      net-pop
      net-smtp
    marcel (1.0.2)
    matrix (0.4.2)
    method_source (1.0.0)
    mini_magick (4.12.0)
    mini_mime (1.1.5)
    mini_portile2 (2.8.4)
    minitest (5.20.0)
    monetize (1.12.0)
      money (~> 6.12)
    money (6.16.0)
      i18n (>= 0.6.4, <= 2)
    multi_json (1.15.0)
    net-imap (0.3.7)
      date
      net-protocol
    net-pop (0.1.2)
      net-protocol
    net-protocol (0.2.1)
      timeout
    net-smtp (0.4.0)
      net-protocol
    nio4r (2.5.9)
    nokogiri (1.15.4)
      mini_portile2 (~> 2.8.2)
      racc (~> 1.4)
    octokit (4.25.1)
      faraday (>= 1, < 3)
      sawyer (~> 0.9)
    oj (3.16.1)
    orm_adapter (0.5.0)
    parallel (1.23.0)
    paranoia (2.6.2)
      activerecord (>= 5.1, < 7.1)
    parser (3.2.2.3)
      ast (~> 2.4.1)
      racc
    pg (1.5.4)
    popper_js (1.16.1)
    protocol-hpack (1.4.2)
    protocol-http (0.24.4)
    protocol-http1 (0.15.0)
      protocol-http (~> 0.22)
    protocol-http2 (0.15.1)
      protocol-hpack (~> 1.4)
      protocol-http (~> 0.18)
    pry (0.14.2)
      coderay (~> 1.1)
      method_source (~> 1.0)
    public_suffix (5.0.3)
    puma (5.6.7)
      nio4r (~> 2.0)
    rabl (0.16.1)
      activesupport (>= 2.3.14)
    racc (1.7.1)
    rack (2.2.8)
    rack-cache (1.14.0)
      rack (>= 0.4)
    rack-cors (2.0.1)
      rack (>= 2.0.0)
    rack-mini-profiler (2.3.4)
      rack (>= 1.2.0)
    rack-test (2.1.0)
      rack (>= 1.3)
    rack-timeout (0.6.3)
    rails (6.1.7.6)
      actioncable (= 6.1.7.6)
      actionmailbox (= 6.1.7.6)
      actionmailer (= 6.1.7.6)
      actionpack (= 6.1.7.6)
      actiontext (= 6.1.7.6)
      actionview (= 6.1.7.6)
      activejob (= 6.1.7.6)
      activemodel (= 6.1.7.6)
      activerecord (= 6.1.7.6)
      activestorage (= 6.1.7.6)
      activesupport (= 6.1.7.6)
      bundler (>= 1.15.0)
      railties (= 6.1.7.6)
      sprockets-rails (>= 2.0.0)
    rails-controller-testing (1.0.5)
      actionpack (>= 5.0.1.rc1)
      actionview (>= 5.0.1.rc1)
      activesupport (>= 5.0.1.rc1)
    rails-dom-testing (2.2.0)
      activesupport (>= 5.0.0)
      minitest
      nokogiri (>= 1.6)
    rails-html-sanitizer (1.6.0)
      loofah (~> 2.21)
      nokogiri (~> 1.14)
    rails-i18n (7.0.8)
      i18n (>= 0.7, < 2)
      railties (>= 6.0.0, < 8)
    railties (6.1.7.6)
      actionpack (= 6.1.7.6)
      activesupport (= 6.1.7.6)
      method_source
      rake (>= 12.2)
      thor (~> 1.0)
    rainbow (3.1.1)
    rake (13.0.6)
    ransack (2.6.0)
      activerecord (>= 6.0.4)
      activesupport (>= 6.0.4)
      i18n
    rb-fsevent (0.11.2)
    rb-inotify (0.10.1)
      ffi (~> 1.0)
    redis (5.0.7)
      redis-client (>= 0.9.0)
    redis-client (0.17.0)
      connection_pool
    regexp_parser (2.8.1)
    responders (3.1.0)
      actionpack (>= 5.2)
      railties (>= 5.2)
    rexml (3.2.6)
    rspec-activemodel-mocks (1.1.0)
      activemodel (>= 3.0)
      activesupport (>= 3.0)
      rspec-mocks (>= 2.99, < 4.0)
    rspec-core (3.12.2)
      rspec-support (~> 3.12.0)
    rspec-expectations (3.12.3)
      diff-lcs (>= 1.2.0, < 2.0)
      rspec-support (~> 3.12.0)
    rspec-mocks (3.12.6)
      diff-lcs (>= 1.2.0, < 2.0)
      rspec-support (~> 3.12.0)
    rspec-rails (4.1.2)
      actionpack (>= 4.2)
      activesupport (>= 4.2)
      railties (>= 4.2)
      rspec-core (~> 3.10)
      rspec-expectations (~> 3.10)
      rspec-mocks (~> 3.10)
      rspec-support (~> 3.10)
    rspec-retry (0.6.2)
      rspec-core (> 3.3)
    rspec-support (3.12.1)
    rspec_junit_formatter (0.6.0)
      rspec-core (>= 2, < 4, != 2.12.0)
    rubocop (1.56.3)
      base64 (~> 0.1.1)
      json (~> 2.3)
      language_server-protocol (>= 3.17.0)
      parallel (~> 1.10)
      parser (>= 3.2.2.3)
      rainbow (>= 2.2.2, < 4.0)
      regexp_parser (>= 1.8, < 3.0)
      rexml (>= 3.2.5, < 4.0)
      rubocop-ast (>= 1.28.1, < 2.0)
      ruby-progressbar (~> 1.7)
      unicode-display_width (>= 2.4.0, < 3.0)
    rubocop-ast (1.29.0)
      parser (>= 3.2.1.0)
    rubocop-rails (2.21.1)
      activesupport (>= 4.2.0)
      rack (>= 1.1)
      rubocop (>= 1.33.0, < 2.0)
    ruby-progressbar (1.13.0)
    ruby-vips (2.1.4)
      ffi (~> 1.12)
    ruby2_keywords (0.0.5)
    rubyzip (2.3.2)
    sass-rails (6.0.0)
      sassc-rails (~> 2.1, >= 2.1.1)
    sassc-rails (2.1.2)
      railties (>= 4.0.0)
      sassc (>= 2.0)
      sprockets (> 3.0)
      sprockets-rails
      tilt
    sawyer (0.9.2)
      addressable (>= 2.3.5)
      faraday (>= 0.17.3, < 3)
    select2-rails (4.0.13)
    selenium-webdriver (4.9.0)
      rexml (~> 3.2, >= 3.2.5)
      rubyzip (>= 1.2.2, < 3.0)
      websocket (~> 1.0)
    sentry-raven (3.1.2)
      faraday (>= 1.0)
    sidekiq (6.5.5)
      connection_pool (>= 2.2.2)
      rack (~> 2.0)
      redis (>= 4.5.0)
    simple_po_parser (1.1.6)
    simplecov (0.22.0)
      docile (~> 1.1)
      simplecov-html (~> 0.11)
      simplecov_json_formatter (~> 0.1)
    simplecov-html (0.12.3)
    simplecov_json_formatter (0.1.4)
    spree_auth_devise (4.4.2)
      devise (~> 4.7)
      devise-encryptable (= 0.2.0)
      spree_core (>= 4.3.0.rc1)
      spree_extension
    spree_dev_tools (0.2.0)
      appraisal
      awesome_print
      capybara
      capybara-screenshot
      capybara-select-2
      database_cleaner
      factory_bot (~> 4.7)
      ffaker
      gem-release
      github_changelog_generator
      jsonapi-rspec
      pry
      puma
      rails-controller-testing
      redis
      rspec-activemodel-mocks
      rspec-rails (~> 4.0)
      rspec-retry
      rspec_junit_formatter (~> 0.4)
      rubocop
      rubocop-rails
      sass-rails
      selenium-webdriver
      simplecov
      spree_core
      timecop
      webdrivers (~> 4.3)
    spree_extension (0.1.0)
      activerecord (>= 4.2)
      spree_core
    spree_gateway (3.10.0)
      spree_core (>= 3.7.0)
      spree_extension
    spree_i18n (5.3.0)
      i18n_data
      kaminari-i18n
      rails-i18n
      spree_core (>= 4.2.0.rc3)
      spree_extension
    sprockets (4.2.1)
      concurrent-ruby (~> 1.0)
      rack (>= 2.2.4, < 4)
    sprockets-rails (3.4.2)
      actionpack (>= 5.2)
      activesupport (>= 5.2)
      sprockets (>= 3.0.0)
    state_machines (0.5.0)
    state_machines-activemodel (0.8.0)
      activemodel (>= 5.1)
      state_machines (>= 0.5.0)
    state_machines-activerecord (0.8.0)
      activerecord (>= 5.1)
      state_machines-activemodel (>= 0.8.0)
    stringex (2.8.6)
    thor (1.2.2)
    tilt (2.3.0)
    timecop (0.9.8)
    timeout (0.4.0)
    timers (4.3.5)
    tinymce-rails (6.7.0)
      railties (>= 3.1.1)
    traces (0.11.1)
    turbolinks (5.2.1)
      turbolinks-source (~> 5.2)
    turbolinks-source (5.2.0)
    tzinfo (2.0.6)
      concurrent-ruby (~> 1.0)
    unicode-display_width (2.4.2)
    uniform_notifier (1.16.0)
    validates_zipcode (0.5.2)
      activemodel (>= 4.2.0)
    vcr (6.2.0)
    warden (1.2.9)
      rack (>= 2.0.9)
    web-console (4.2.1)
      actionview (>= 6.0.0)
      activemodel (>= 6.0.0)
      bindex (>= 0.4.0)
      railties (>= 6.0.0)
    webdrivers (4.7.0)
      nokogiri (~> 1.6)
      rubyzip (>= 1.3.0)
      selenium-webdriver (> 3.141, < 5.0)
    websocket (1.2.10)
    websocket-driver (0.7.6)
      websocket-extensions (>= 0.1.0)
    websocket-extensions (0.1.5)
    xpath (3.2.0)
      nokogiri (~> 1.8)
    zeitwerk (2.6.12)

PLATFORMS
  ruby

DEPENDENCIES
  awesome_print (~> 1.9.2)
  aws-sdk-s3
  bcrypt (~> 3.1.16)
  bullet (~> 7.0.1)
  font_assets
  jbuilder (~> 2.7)
  listen (~> 3.7.1)
  nokogiri (~> 1.13)
  oj
  pg (~> 1.1)
  puma (~> 5.0)
  rack-cache (~> 1.13)
  rack-cors
  rack-mini-profiler (~> 2.3.3)
  rack-timeout
  rails (~> 6.1.4, >= 6.1.4.1)
  sass-rails (>= 6)
  sassc!
  sentry-raven
  sidekiq (~> 6)
  spree!
  spree_auth_devise (~> 4.3)
  spree_backend!
  spree_dev_tools
  spree_emails!
  spree_frontend!
  spree_gateway (~> 3.9)
  spree_i18n (~> 5.0)
  spree_sample!
  vcr
  web-console (~> 4.2)

RUBY VERSION
   ruby 2.7.2p137

BUNDLED WITH
   2.1.4
